PATH
  remote: lib/suretax-1.0.1-modified
  specs:
    suretax (1.0.1)
      excon
      monetize
      money (~> 6.9.0)

GEM
  remote: https://rubygems.org/
  specs:
    awesome_print (1.8.0)
    diff-lcs (1.3)
    dotenv (2.2.1)
    excon (0.58.0)
    i18n (0.8.6)
    monetize (1.7.0)
      money (~> 6.9)
    money (6.9.0)
      i18n (>= 0.6.4, < 0.9)
    rspec (3.0.0)
      rspec-core (~> 3.0.0)
      rspec-expectations (~> 3.0.0)
      rspec-mocks (~> 3.0.0)
    rspec-core (3.0.4)
      rspec-support (~> 3.0.0)
    rspec-expectations (3.0.4)
      diff-lcs (>= 1.2.0, < 2.0)
      rspec-support (~> 3.0.0)
    rspec-mocks (3.0.4)
      rspec-support (~> 3.0.0)
    rspec-support (3.0.4)

PLATFORMS
  ruby

DEPENDENCIES
  awesome_print
  dotenv
  excon
  monetize
  money (~> 6.9.0)
  rspec
  suretax!

BUNDLED WITH
   1.15.4
