PATH
  remote: .
  specs:
    suretax (1.0.1)
      excon
      monetize
      money (~> 6.9.0)

GEM
  remote: https://rubygems.org/
  specs:
    addressable (2.3.7)
    awesome_print (1.6.1)
    coderay (1.1.0)
    crack (0.4.2)
      safe_yaml (~> 1.0.0)
    diff-lcs (1.2.5)
    dotenv (1.0.2)
    excon (0.56.0)
    i18n (0.8.4)
    method_source (0.8.2)
    monetize (1.7.0)
      money (~> 6.9)
    money (6.9.0)
      i18n (>= 0.6.4, < 0.9)
    pry (0.10.1)
      coderay (~> 1.1.0)
      method_source (~> 0.8.1)
      slop (~> 3.4)
    rake (10.4.2)
    rspec (3.0.0)
      rspec-core (~> 3.0.0)
      rspec-expectations (~> 3.0.0)
      rspec-mocks (~> 3.0.0)
    rspec-core (3.0.4)
      rspec-support (~> 3.0.0)
    rspec-expectations (3.0.4)
      diff-lcs (>= 1.2.0, < 2.0)
      rspec-support (~> 3.0.0)
    rspec-its (1.2.0)
      rspec-core (>= 3.0.0)
      rspec-expectations (>= 3.0.0)
    rspec-mocks (3.0.4)
      rspec-support (~> 3.0.0)
    rspec-support (3.0.4)
    safe_yaml (1.0.4)
    slop (3.6.0)
    webmock (1.20.4)
      addressable (>= 2.3.6)
      crack (>= 0.3.2)

PLATFORMS
  ruby

DEPENDENCIES
  awesome_print
  bundler (~> 1.3)
  dotenv
  pry
  rake
  rspec (~> 3.0.0)
  rspec-its (~> 1.0)
  suretax!
  webmock

BUNDLED WITH
   1.15.1
